GEM
  remote: https://rubygems.org/
  specs:
    coderay (1.1.2)
    metaclass (0.0.4)
    method_source (0.9.2)
    minitest (5.11.3)
    mocha (1.7.0)
      metaclass (~> 0.0.1)
    pry (0.12.2)
      coderay (~> 1.1.0)
      method_source (~> 0.9.0)
    rake (12.3.1)

PLATFORMS
  ruby

DEPENDENCIES
  minitest
  mocha
  pry
  rake

BUNDLED WITH
   1.17.1
